PATH
  remote: rbs
  specs:
    rbs (0.3.1)

GEM
  remote: https://rubygems.org/
  specs:
    stackprof (0.2.12)

PLATFORMS
  ruby

DEPENDENCIES
  rbs!
  stackprof

BUNDLED WITH
   2.1.4
