GEM
  remote: https://rubygems.org/
  specs:
    stackprof (0.2.12)

PLATFORMS
  ruby

DEPENDENCIES
  stackprof

BUNDLED WITH
   1.17.3
