PATH
  remote: ../../work/ruby-signature
  specs:
    ruby-signature (0.1.0)

GEM
  remote: https://rubygems.org/
  specs:
    stackprof (0.2.12)

PLATFORMS
  ruby

DEPENDENCIES
  ruby-signature!
  stackprof

BUNDLED WITH
   2.1.2
